GEM
  remote: http://rubygems.org/
  specs:
    RedCloth (4.2.3)
    abstract (1.0.0)
    addressable (2.2.1)
    builder (2.1.2)
    daemons (1.1.0)
    data_objects (0.10.2)
      addressable (~> 2.1)
    dm-aggregates (1.0.2)
      dm-core (~> 1.0.2)
    dm-core (1.0.2)
      addressable (~> 2.2)
      extlib (~> 0.9.15)
    dm-do-adapter (1.0.2)
      data_objects (~> 0.10.2)
      dm-core (~> 1.0.2)
    dm-migrations (1.0.2)
      dm-core (~> 1.0.2)
    dm-serializer (1.0.2)
      dm-core (~> 1.0.2)
      fastercsv (~> 1.5.3)
      json_pure (~> 1.4)
    dm-sqlite-adapter (1.0.2)
      dm-do-adapter (~> 1.0.2)
      do_sqlite3 (~> 0.10.2)
    dm-svn (0.2.3)
      dm-aggregates (>= 0.10.0)
      dm-core (>= 0.10.0)
      dm-validations (>= 0.10.0)
      svn-fixture (>= 0.1.2)
    dm-timestamps (1.0.2)
      dm-core (~> 1.0.2)
    dm-types (1.0.2)
      dm-core (~> 1.0.2)
      fastercsv (~> 1.5.3)
      json_pure (~> 1.4)
      stringex (~> 1.1.0)
      uuidtools (~> 2.1.1)
    dm-validations (1.0.2)
      dm-core (~> 1.0.2)
    do_sqlite3 (0.10.2)
      data_objects (= 0.10.2)
    erubis (2.6.6)
      abstract (>= 1.0.0)
    eventmachine (0.12.10)
    extlib (0.9.15)
    fastercsv (1.5.3)
    haml (3.0.18)
    jm81-dm-filters (0.3.0)
      dm-core (>= 0.10.0)
      extlib
    jm81-paginate (0.1.6)
    json_pure (1.4.6)
    mailfactory (1.4.0)
      mime-types (>= 1.13.1)
    maruku (0.6.0)
      syntax (>= 1.0.0)
    merb-assets (1.1.3)
      merb-core (~> 1.1.3)
    merb-builder (0.9.8)
      builder (>= 2.0.0)
      merb-core (>= 0.9.8)
    merb-cache (1.1.3)
      merb-core (~> 1.1.3)
    merb-core (1.1.3)
      bundler
      erubis (>= 2.6.2)
      extlib (>= 0.9.13)
      mime-types (>= 1.16)
      rack
      rake
    merb-exceptions (1.1.3)
      merb-core (~> 1.1.3)
      merb-mailer (~> 1.1.3)
    merb-haml (1.1.3)
      haml (>= 2.0.3)
      merb-core (~> 1.1.3)
    merb-helpers (1.1.3)
      merb-core (~> 1.1.3)
    merb-mailer (1.1.3)
      mailfactory (>= 1.2.3)
      merb-core (~> 1.1.3)
    merb-recaptcha (1.0.3)
      builder (~> 2.0)
      merb-core (>= 1.0.0)
    merb_datamapper (1.1.2)
      dm-core (>= 0.10.2)
      dm-migrations (>= 0.10.2)
      merb-core (~> 1.1)
    mime-types (1.16)
    rack (1.2.1)
    rake (0.8.7)
    rspec (1.3.0)
    rubypants (0.2.0)
    stringex (1.1.0)
    svn-fixture (0.1.2)
    syntax (1.0.0)
    thin (1.2.7)
      daemons (>= 1.0.9)
      eventmachine (>= 0.12.6)
      rack (>= 1.0.0)
    uuidtools (2.1.1)

PLATFORMS
  ruby

DEPENDENCIES
  RedCloth
  dm-aggregates (~> 1.0)
  dm-core (~> 1.0)
  dm-migrations (~> 1.0)
  dm-serializer (~> 1.0)
  dm-sqlite-adapter (~> 1.0)
  dm-svn (= 0.2.3)
  dm-timestamps (~> 1.0)
  dm-types (~> 1.0)
  dm-validations (~> 1.0)
  jm81-dm-filters (= 0.3.0)
  jm81-paginate (= 0.1.6)
  json_pure (>= 1.1.7)
  maruku
  merb-assets (= 1.1.3)
  merb-builder (= 0.9.8)
  merb-cache (= 1.1.3)
  merb-core (= 1.1.3)
  merb-exceptions (= 1.1.3)
  merb-haml (= 1.1.3)
  merb-helpers (= 1.1.3)
  merb-recaptcha (~> 1.0.3)
  merb_datamapper (~> 1.1.0)
  rspec (= 1.3.0)
  rubypants
  svn-fixture (= 0.1.2)
  thin
